GEM
  remote: https://rubygems.org/
  specs:
    addressable (2.8.7)
      public_suffix (>= 2.0.2, < 7.0)
    bibtex-ruby (6.0.0)
      latex-decode (~> 0.0)
    bigdecimal (3.1.8)
    citeproc (1.0.10)
      namae (~> 1.0)
    citeproc-ruby (1.1.14)
      citeproc (~> 1.0, >= 1.0.9)
      csl (~> 1.6)
    colorator (1.1.0)
    concurrent-ruby (1.3.3)
    csl (1.6.0)
      namae (~> 1.0)
      rexml
    csl-styles (1.0.1.11)
      csl (~> 1.0)
    em-websocket (0.5.3)
      eventmachine (>= 0.12.9)
      http_parser.rb (~> 0)
    eventmachine (1.2.7)
    ffi (1.17.0)
    forwardable-extended (2.6.0)
    google-protobuf (4.27.2)
      bigdecimal
      rake (>= 13)
    http_parser.rb (0.8.0)
    i18n (1.14.5)
      concurrent-ruby (~> 1.0)
    jekyll (4.3.2)
      addressable (~> 2.4)
      colorator (~> 1.0)
      em-websocket (~> 0.5)
      i18n (~> 1.0)
      jekyll-sass-converter (>= 2.0, < 4.0)
      jekyll-watch (~> 2.0)
      kramdown (~> 2.3, >= 2.3.1)
      kramdown-parser-gfm (~> 1.0)
      liquid (~> 4.0)
      mercenary (>= 0.3.6, < 0.5)
      pathutil (~> 0.9)
      rouge (>= 3.0, < 5.0)
      safe_yaml (~> 1.0)
      terminal-table (>= 1.8, < 4.0)
      webrick (~> 1.7)
    jekyll-last-modified-at (1.3.2)
      jekyll (>= 3.7, < 5.0)
    jekyll-sass-converter (3.0.0)
      sass-embedded (~> 1.54)
    jekyll-scholar (7.1.3)
      bibtex-ruby (~> 6.0)
      citeproc-ruby (~> 1.0)
      csl-styles (~> 1.0)
      jekyll (~> 4.0)
    jekyll-watch (2.2.1)
      listen (~> 3.0)
    kramdown (2.4.0)
      rexml
    kramdown-parser-gfm (1.1.0)
      kramdown (~> 2.0)
    latex-decode (0.4.0)
    liquid (4.0.4)
    listen (3.9.0)
      rb-fsevent (~> 0.10, >= 0.10.3)
      rb-inotify (~> 0.9, >= 0.9.10)
    match_regex (0.1.0)
    mercenary (0.4.0)
    namae (1.1.1)
    pathutil (0.16.2)
      forwardable-extended (~> 2.6)
    public_suffix (6.0.1)
    rake (13.2.1)
    rb-fsevent (0.11.2)
    rb-inotify (0.11.1)
      ffi (~> 1.0)
    rexml (3.3.2)
      strscan
    rouge (4.3.0)
    safe_yaml (1.0.5)
    sass-embedded (1.77.8)
      google-protobuf (~> 4.26)
      rake (>= 13)
    stringex (2.8.6)
    strscan (3.1.0)
    terminal-table (3.0.2)
      unicode-display_width (>= 1.1.1, < 3)
    tzinfo (2.0.6)
      concurrent-ruby (~> 1.0)
    tzinfo-data (1.2024.1)
      tzinfo (>= 1.0.0)
    unicode-display_width (2.5.0)
    webrick (1.8.1)

PLATFORMS
  ruby

DEPENDENCIES
  jekyll (= 4.3.2)
  jekyll-last-modified-at
  jekyll-sass-converter (< 4.0)
  jekyll-scholar
  match_regex
  stringex
  tzinfo (= 2.0.6)
  tzinfo-data
  webrick

BUNDLED WITH
   2.2.22
